GEM
  remote: https://rubygems.org/
  specs:
    business (1.0.0)
    macaddr (1.7.2)
      systemu (~> 2.6.5)
    systemu (2.6.5)
    uk_phone_numbers (0.1.0)
    uuid (2.3.5)
      macaddr (~> 1.0)

PLATFORMS
  ruby

DEPENDENCIES
  business (~> 1.0.0)
  uk_phone_numbers (~> 0.1.0)
  uuid (= 2.3.5)

BUNDLED WITH
   2.3.12
