GEM
  remote: https://rubygems.org/
  specs:
    business (2.3.0)
    macaddr (1.7.2)
      systemu (~> 2.6.5)
    nanoid (1.0.0)
    systemu (2.6.5)
    timezone (1.3.17)
    uk_phone_numbers (0.1.0)
    uuid (2.3.5)
      macaddr (~> 1.0)

PLATFORMS
  ruby

DEPENDENCIES
  business (~> 2.3.0)
  nanoid
  timezone
  uk_phone_numbers (~> 0.1.0)
  uuid (~> 2.3.5)

BUNDLED WITH
   2.3.12
